GEM
  remote: http://rubygems.org/
  specs:
    coderay (1.1.2)
    method_source (0.9.2)
    mini_portile2 (2.4.0)
    nokogiri (1.10.3)
      mini_portile2 (~> 2.4.0)
    pry (0.12.2)
      coderay (~> 1.1.0)
      method_source (~> 0.9.0)
    reverse_markdown (1.1.0)
      nokogiri

PLATFORMS
  ruby

DEPENDENCIES
  nokogiri
  pry
  reverse_markdown

BUNDLED WITH
   1.17.2
